PATH
  remote: .
  specs:
    reso_transport (1.5.16)
      faraday (~> 1.0)

GEM
  remote: https://rubygems.org/
  specs:
    byebug (11.0.1)
    faraday (1.0.1)
      multipart-post (>= 1.2, < 3)
    minitest (5.13.0)
    minitest-rg (5.2.0)
      minitest (~> 5.0)
    multipart-post (2.2.3)
    rake (13.0.1)
    vcr (6.0.0)

PLATFORMS
  ruby

DEPENDENCIES
  bundler (~> 2)
  byebug (~> 11)
  minitest (~> 5.0)
  minitest-rg (~> 5.0)
  rake (~> 13)
  reso_transport!
  vcr (~> 6.0)

BUNDLED WITH
   2.1.4
